GEM
  remote: http://rubygems.org/
  specs:
    addressable (2.3.8)
    faraday (0.9.2)
      multipart-post (>= 1.2, < 3)
    json (1.8.6)
    multipart-post (2.0.0)
    mustermann (1.0.1)
    octokit (3.8.0)
      sawyer (~> 0.6.0, >= 0.5.3)
    rack (2.0.3)
    rack-protection (2.0.0)
      rack
    sawyer (0.6.0)
      addressable (~> 2.3.5)
      faraday (~> 0.8, < 0.10)
    shotgun (0.9.2)
      rack (>= 1.0)
    sinatra (2.0.0)
      mustermann (~> 1.0)
      rack (~> 2.0)
      rack-protection (= 2.0.0)
      tilt (~> 2.0)
    tilt (2.0.8)

PLATFORMS
  ruby

DEPENDENCIES
  json (~> 1.8)
  octokit (~> 3.0)
  rack (~> 2.0)
  shotgun
  sinatra (~> 2.0)

BUNDLED WITH
   1.16.0
